GEM
  remote: https://rubygems.org/
  specs:
    concurrent-ruby (1.1.6)
    minitest (5.14.0)
    mocha (1.11.2)
    net-telnet (0.2.0)
    rake (13.0.1)

PLATFORMS
  ruby

DEPENDENCIES
  concurrent-ruby
  minitest (~> 5.14)
  mocha (~> 1.11.2)
  net-telnet
  rake

BUNDLED WITH
   2.1.4
